GEM
  remote: https://rubygems.org/
  specs:
    chef-utils (16.5.64)
    kramdown (2.3.1)
      rexml (>= 3.2.5)
    kramdown-parser-gfm (1.1.0)
      kramdown (~> 2.0)
    mdl (0.11.0)
      kramdown (~> 2.3)
      kramdown-parser-gfm (~> 1.1)
      mixlib-cli (~> 2.1, >= 2.1.1)
      mixlib-config (>= 2.2.1, < 4)
      mixlib-shellout
    mixlib-cli (2.1.8)
    mixlib-config (3.0.9)
      tomlrb
    mixlib-shellout (3.1.6)
      chef-utils
    rexml (3.2.5)
    tomlrb (1.3.0)

PLATFORMS
  ruby

DEPENDENCIES
  mdl (~> 0.11.0)

BUNDLED WITH
   2.1.4
